GEM
  remote: https://rubygems.org/
  specs:
    em-websocket (0.5.3)
      eventmachine (>= 0.12.9)
      http_parser.rb (~> 0)
    eventmachine (1.2.7)
    haml (5.0.0)
      temple (>= 0.8.0)
      tilt
    http_parser.rb (0.8.0)
    rack (2.2.6.3)
    shotgun (0.9)
      rack (>= 1.0)
    sinatra (4.1.1)
    temple (0.8.2)
    tilt (2.0.11)

PLATFORMS
  ruby
  x64-mingw-ucrt

DEPENDENCIES
  em-websocket
  haml
  shotgun
  sinatra

BUNDLED WITH
   2.5.22
